GIT
  remote: git://github.com/DayhomeRegistry/exception_notification.git
  revision: f46e57f091df4b8e01f7ca0d1df8af15bc8fab61
  specs:
    exception_notification (3.0.1)
      actionmailer (>= 3.0.4)
      activesupport (>= 3.0.4)
      nestful

GIT
  remote: https://github.com/bcardarella/client_side_validations.git
  revision: a6a515504520e9925ca63524ae9854168163283e
  specs:
    client_side_validations (3.2.1)

GEM
  remote: http://rubygems.org/
  specs:
    actionmailer (3.2.13)
      actionpack (= 3.2.13)
      mail (~> 2.5.3)
    actionmailer-instyle (0.5.3)
      actionmailer (~> 3.1)
      activesupport (~> 3.1)
      premailer (~> 1.7)
      sprockets (~> 2.0)
    actionpack (3.2.13)
      activemodel (= 3.2.13)
      activesupport (= 3.2.13)
      builder (~> 3.0.0)
      erubis (~> 2.7.0)
      journey (~> 1.0.4)
      rack (~> 1.4.5)
      rack-cache (~> 1.2)
      rack-test (~> 0.6.1)
      sprockets (~> 2.2.1)
    activemodel (3.2.13)
      activesupport (= 3.2.13)
      builder (~> 3.0.0)
    activerecord (3.2.13)
      activemodel (= 3.2.13)
      activesupport (= 3.2.13)
      arel (~> 3.0.2)
      tzinfo (~> 0.3.29)
    activeresource (3.2.13)
      activemodel (= 3.2.13)
      activesupport (= 3.2.13)
    activesupport (3.2.13)
      i18n (= 0.6.1)
      multi_json (~> 1.0)
    addressable (2.3.2)
    arel (3.0.2)
    authlogic (3.1.3)
      activerecord (>= 3.0.0)
      activesupport (>= 3.0.0)
    awesome_print (1.0.2)
    bb-ruby (0.9.5)
    bootstrap-sass (2.0.4.2)
    builder (3.0.4)
    capistrano (2.12.0)
      highline
      net-scp (>= 1.0.0)
      net-sftp (>= 2.0.0)
      net-ssh (>= 2.0.14)
      net-ssh-gateway (>= 1.1.0)
    capistrano-fanfare (0.0.21)
      capistrano (~> 2.11)
      capistrano_colors (~> 0.5)
      multi_json (~> 1.0)
      sushi (~> 0.0.2)
    capistrano_colors (0.5.5)
    capybara (1.1.2)
      mime-types (>= 1.16)
      nokogiri (>= 1.3.3)
      rack (>= 1.0.0)
      rack-test (>= 0.5.4)
      selenium-webdriver (~> 2.0)
      xpath (~> 0.1.4)
    carmen (0.2.13)
    carrierwave (0.6.2)
      activemodel (>= 3.2.0)
      activesupport (>= 3.2.0)
    childprocess (0.3.5)
      ffi (~> 1.0, >= 1.0.6)
    coffee-rails (3.2.2)
      coffee-script (>= 2.2.0)
      railties (~> 3.2.0)
    coffee-script (2.2.0)
      coffee-script-source
      execjs
    coffee-script-source (1.3.3)
    css_parser (1.2.6)
      addressable
      rdoc
    daemons (1.1.9)
    diff-lcs (1.1.3)
    erubis (2.7.0)
    eventmachine (1.0.0)
    eventmachine (1.0.0-x86-mingw32)
    excon (0.22.1)
    execjs (1.4.0)
      multi_json (~> 1.0)
    factory_girl (4.0.0)
      activesupport (>= 3.0.0)
    factory_girl_rails (4.0.0)
      factory_girl (~> 4.0.0)
      railties (>= 3.0.0)
    faraday (0.8.4)
      multipart-post (~> 1.1)
    ffi (1.1.5)
    ffi (1.1.5-x86-mingw32)
    fog (1.11.1)
      builder
      excon (~> 0.20)
      formatador (~> 0.2.0)
      json (~> 1.7)
      mime-types
      net-scp (~> 1.1)
      net-ssh (>= 2.1.3)
      nokogiri (~> 1.5.0)
      ruby-hmac
    foreigner (1.3.0)
      activerecord (>= 3.0.0)
    foreman (0.47.0)
      thor (>= 0.13.6)
    formatador (0.2.4)
    forum_monster (1.0.3)
    gmaps4rails (1.4.8)
      json
    guard (1.3.2)
      listen (>= 0.4.2)
      thor (>= 0.14.6)
    guard-rspec (1.2.1)
      guard (>= 1.1)
    haml (3.1.7)
    highline (1.6.14)
    hike (1.2.2)
    htmlentities (4.3.1)
    i18n (0.6.1)
    journey (1.0.4)
    jquery-rails (2.2.1)
      railties (>= 3.0, < 5.0)
      thor (>= 0.14, < 2.0)
    jquery-star-rating-rails (0.0.1)
      rails (>= 3.1.0)
    jquery-ui-rails (4.0.1)
      jquery-rails
      railties (>= 3.1.0)
    json (1.8.0)
    kaminari (0.14.0)
      actionpack (>= 3.0.0)
      activesupport (>= 3.0.0)
    kgio (2.7.4)
    koala (1.5.0)
      faraday (~> 0.7)
      multi_json (~> 1.3)
    libv8 (3.11.8.17)
    libwebsocket (0.1.5)
      addressable
    listen (0.5.0)
    mail (2.5.4)
      mime-types (~> 1.16)
      treetop (~> 1.4.8)
    maruku (0.6.0)
      syntax (>= 1.0.0)
    mime-types (1.23)
    mini_magick (3.4)
      subexec (~> 0.2.1)
    multi_json (1.7.4)
    multipart-post (1.1.5)
    mysql2 (0.3.11)
    mysql2 (0.3.11-x86-mingw32)
    nestful (1.0.3)
    net-scp (1.1.1)
      net-ssh (>= 2.6.5)
    net-sftp (2.0.5)
      net-ssh (>= 2.0.9)
    net-ssh (2.6.7)
    net-ssh-gateway (1.1.0)
      net-ssh (>= 1.99.1)
    nokogiri (1.5.9)
    nokogiri (1.5.9-x86-mingw32)
    polyglot (0.3.3)
    premailer (1.7.3)
      css_parser (>= 1.1.9)
      htmlentities (>= 4.0.0)
    rack (1.4.5)
    rack-cache (1.2)
      rack (>= 0.4)
    rack-ssl (1.3.3)
      rack
    rack-test (0.6.2)
      rack (>= 1.0)
    rails (3.2.13)
      actionmailer (= 3.2.13)
      actionpack (= 3.2.13)
      activerecord (= 3.2.13)
      activeresource (= 3.2.13)
      activesupport (= 3.2.13)
      bundler (~> 1.0)
      railties (= 3.2.13)
    railties (3.2.13)
      actionpack (= 3.2.13)
      activesupport (= 3.2.13)
      rack-ssl (~> 1.3.2)
      rake (>= 0.8.7)
      rdoc (~> 3.4)
      thor (>= 0.14.6, < 2.0)
    raindrops (0.10.0)
    rake (10.0.4)
    rdoc (3.12.2)
      json (~> 1.4)
    ref (1.0.4)
    rest-client (1.6.7)
      mime-types (>= 1.16)
    rspec (2.11.0)
      rspec-core (~> 2.11.0)
      rspec-expectations (~> 2.11.0)
      rspec-mocks (~> 2.11.0)
    rspec-core (2.11.1)
    rspec-expectations (2.11.3)
      diff-lcs (~> 1.1.3)
    rspec-mocks (2.11.2)
    rspec-rails (2.11.0)
      actionpack (>= 3.0)
      activesupport (>= 3.0)
      railties (>= 3.0)
      rspec (~> 2.11.0)
    ruby-hmac (0.4.0)
    ruby-recaptcha (1.0.5)
    rubyzip (0.9.9)
    sass (3.2.1)
    sass-rails (3.2.5)
      railties (~> 3.2.0)
      sass (>= 3.1.10)
      tilt (~> 1.3)
    selenium-webdriver (2.25.0)
      childprocess (>= 0.2.5)
      libwebsocket (~> 0.1.3)
      multi_json (~> 1.0)
      rubyzip
    shoulda-matchers (1.3.0)
      activesupport (>= 3.0.0)
    simple_form (2.0.2)
      actionpack (~> 3.0)
      activemodel (~> 3.0)
    spork (1.0.0rc3)
    sprockets (2.2.2)
      hike (~> 1.2)
      multi_json (~> 1.0)
      rack (~> 1.0)
      tilt (~> 1.1, != 1.3.0)
    stripe (1.7.6)
      multi_json (~> 1.1)
      rest-client (~> 1.4)
    subexec (0.2.2)
    sushi (0.0.2)
    syntax (1.0.0)
    therubyracer (0.11.4)
      libv8 (~> 3.11.8.12)
      ref
    thin (1.5.0)
      daemons (>= 1.0.9)
      eventmachine (>= 0.12.6)
      rack (>= 1.0.0)
    thor (0.18.1)
    tilt (1.4.1)
    treetop (1.4.12)
      polyglot
      polyglot (>= 0.3.1)
    tzinfo (0.3.37)
    uglifier (1.3.0)
      execjs (>= 0.3.0)
      multi_json (~> 1.0, >= 1.0.2)
    unicorn (4.3.1)
      kgio (~> 2.6)
      rack
      raindrops (~> 0.7)
    webrat (0.7.3)
      nokogiri (>= 1.2.0)
      rack (>= 1.0)
      rack-test (>= 0.5.3)
    xpath (0.1.4)
      nokogiri (~> 1.3)

PLATFORMS
  ruby
  x86-mingw32

DEPENDENCIES
  actionmailer-instyle
  authlogic
  awesome_print
  bb-ruby
  bootstrap-sass (~> 2.0.2)
  capistrano (= 2.12.0)
  capistrano-fanfare (= 0.0.21)
  capybara
  carmen
  carrierwave
  client_side_validations (~> 3.2)!
  coffee-rails (~> 3.2.1)
  exception_notification!
  execjs
  factory_girl_rails
  fog
  foreigner
  foreman (= 0.47.0)
  forum_monster
  gmaps4rails (= 1.4.8)
  guard-rspec
  haml
  jquery-rails
  jquery-star-rating-rails
  jquery-ui-rails
  kaminari
  koala
  maruku
  mini_magick
  mysql2
  rails (= 3.2.13)
  rspec-rails (~> 2.6)
  ruby-recaptcha
  sass-rails (~> 3.1)
  shoulda-matchers
  simple_form
  spork (~> 1.0rc)
  stripe
  therubyracer
  thin (~> 1.5)
  uglifier (>= 1.0.3)
  unicorn
  webrat (~> 0.7.3)
