GIT
  remote: git://github.com/DayhomeRegistry/exception_notification.git
  revision: f46e57f091df4b8e01f7ca0d1df8af15bc8fab61
  specs:
    exception_notification (3.0.1)
      actionmailer (>= 3.0.4)
      activesupport (>= 3.0.4)
      nestful

GIT
  remote: git://github.com/spree-contrib/better_spree_paypal_express.git
  revision: 2f540c33ea0e85c24e10d03fabbee00b7145a55c
  specs:
    spree_paypal_express (2.0.3)
      paypal-sdk-merchant (= 1.106.1)
      spree_core (~> 2.4.0.beta)

GIT
  remote: git@github.com:spree-contrib/spree_related_products.git
  revision: f8bf0b095e1f814af172f53df1369e5a4e06c6e7
  specs:
    spree_related_products (3.2)
      spree_backend (~> 2.4.0.beta)

GIT
  remote: https://github.com/spree/spree
  revision: 20f653ec0a23fbfdfa3c04425d744cd34bc8abb5
  branch: 2-4-stable
  specs:
    spree (2.4.0.rc3)
      spree_api (= 2.4.0.rc3)
      spree_backend (= 2.4.0.rc3)
      spree_cmd (= 2.4.0.rc3)
      spree_core (= 2.4.0.rc3)
      spree_frontend (= 2.4.0.rc3)
      spree_sample (= 2.4.0.rc3)
    spree_api (2.4.0.rc3)
      rabl (~> 0.9.4.pre1)
      spree_core (= 2.4.0.rc3)
      versioncake (~> 2.3.1)
    spree_backend (2.4.0.rc3)
      jquery-rails (~> 3.1.2)
      jquery-ui-rails (~> 5.0.0)
      select2-rails (~> 3.5.0)
      spree_api (= 2.4.0.rc3)
      spree_core (= 2.4.0.rc3)
    spree_cmd (2.4.0.rc3)
      thor (~> 0.14)
    spree_core (2.4.0.rc3)
      activemerchant (~> 1.44.1)
      acts_as_list (= 0.3.0)
      awesome_nested_set (~> 3.0.0.rc.3)
      cancancan (~> 1.9.2)
      carmen (~> 1.0.0)
      deface (~> 1.0.0)
      ffaker (~> 1.16)
      font-awesome-rails (~> 4.0)
      friendly_id (~> 5.0.4)
      highline (~> 1.6.18)
      httparty (~> 0.11)
      json (~> 1.7)
      kaminari (~> 0.15, >= 0.15.1)
      monetize
      paperclip (~> 4.2.0)
      paranoia (~> 2.0)
      premailer-rails
      rails (~> 4.1.6)
      ransack (~> 1.4.1)
      state_machine (= 1.2.0)
      stringex (~> 1.5.1)
      truncate_html (= 0.9.2)
      twitter_cldr (~> 3.0)
    spree_frontend (2.4.0.rc3)
      canonical-rails (~> 0.0.4)
      jquery-rails (~> 3.1.2)
      spree_api (= 2.4.0.rc3)
      spree_core (= 2.4.0.rc3)
      stringex (~> 1.5.1)
    spree_sample (2.4.0.rc3)
      spree_core (= 2.4.0.rc3)

GIT
  remote: https://github.com/spree/spree_gateway.git
  revision: 8a8038ff1f223820cc54b581c86c026ee9172824
  branch: master
  specs:
    spree_gateway (2.3.0.beta)
      spree_core (~> 2.4.0.beta)

PATH
  remote: /Users/jon/Projects/spree_subscriptions
  specs:
    spree_subscriptions (0.1.1)
      spree_core (> 2.3)

GEM
  remote: http://rubygems.org/
  specs:
    actionmailer (4.1.6)
      actionpack (= 4.1.6)
      actionview (= 4.1.6)
      mail (~> 2.5, >= 2.5.4)
    actionpack (4.1.6)
      actionview (= 4.1.6)
      activesupport (= 4.1.6)
      rack (~> 1.5.2)
      rack-test (~> 0.6.2)
    actionview (4.1.6)
      activesupport (= 4.1.6)
      builder (~> 3.1)
      erubis (~> 2.7.0)
    active_utils (2.2.3)
      activesupport (>= 2.3.11)
      i18n
    activemerchant (1.44.1)
      active_utils (~> 2.2.0)
      activesupport (>= 3.2.14, < 5.0.0)
      builder (>= 2.1.2, < 4.0.0)
      i18n (>= 0.6.9)
      json (~> 1.7)
      nokogiri (~> 1.4)
      offsite_payments (~> 2.0.0)
    activemodel (4.1.6)
      activesupport (= 4.1.6)
      builder (~> 3.1)
    activerecord (4.1.6)
      activemodel (= 4.1.6)
      activesupport (= 4.1.6)
      arel (~> 5.0.0)
    activesupport (4.1.6)
      i18n (~> 0.6, >= 0.6.9)
      json (~> 1.7, >= 1.7.7)
      minitest (~> 5.1)
      thread_safe (~> 0.1)
      tzinfo (~> 1.1)
    acts_as_list (0.3.0)
      activerecord (>= 3.0)
    addressable (2.3.6)
    arel (5.0.1.20140414130214)
    autoprefixer-rails (3.1.1.20141001)
      execjs
    awesome_nested_set (3.0.1)
      activerecord (>= 4.0.0, < 5)
    awesome_print (1.2.0)
    bcrypt (3.1.7)
    bootstrap-sass (2.0.4.2)
    builder (3.2.2)
    byebug (3.5.1)
      columnize (~> 0.8)
      debugger-linecache (~> 1.2)
      slop (~> 3.6)
    camertron-eprun (1.1.0)
    cancancan (1.9.2)
    canonical-rails (0.0.7)
      rails (>= 3.1, < 5.0)
    capistrano (2.12.0)
      highline
      net-scp (>= 1.0.0)
      net-sftp (>= 2.0.0)
      net-ssh (>= 2.0.14)
      net-ssh-gateway (>= 1.1.0)
    capistrano-fanfare (0.0.21)
      capistrano (~> 2.11)
      capistrano_colors (~> 0.5)
      multi_json (~> 1.0)
      sushi (~> 0.0.2)
    capistrano_colors (0.5.5)
    capybara (2.4.3)
      mime-types (>= 1.16)
      nokogiri (>= 1.3.3)
      rack (>= 1.0.0)
      rack-test (>= 0.5.4)
      xpath (~> 2.0)
    carmen (1.0.1)
      unicode_utils (~> 1.4.0)
    carmen-rails (1.0.1)
      carmen (~> 1.0.0)
      rails
    carrierwave (0.10.0)
      activemodel (>= 3.2.0)
      activesupport (>= 3.2.0)
      json (>= 1.7)
      mime-types (>= 1.16)
    celluloid (0.16.0)
      timers (~> 4.0.0)
    cldr-plurals-runtime-rb (1.0.0)
    climate_control (0.0.3)
      activesupport (>= 3.0)
    cocaine (0.5.4)
      climate_control (>= 0.0.3, < 1.0)
    coderay (1.1.0)
    coffee-rails (4.0.1)
      coffee-script (>= 2.2.0)
      railties (>= 4.0.0, < 5.0)
    coffee-script (2.3.0)
      coffee-script-source
      execjs
    coffee-script-source (1.8.0)
    colorize (0.7.3)
    columnize (0.8.9)
    css_parser (1.3.5)
      addressable
    daemons (1.1.9)
    debugger-linecache (1.2.0)
    deface (1.0.1)
      colorize (>= 0.5.8)
      nokogiri (~> 1.6.0)
      polyglot
      rails (>= 3.1)
    devise (3.2.4)
      bcrypt (~> 3.0)
      orm_adapter (~> 0.1)
      railties (>= 3.2.6, < 5)
      thread_safe (~> 0.1)
      warden (~> 1.2.3)
    diff-lcs (1.2.5)
    diffy (3.0.7)
    erubis (2.7.0)
    eventmachine (1.0.3)
    excon (0.40.0)
    execjs (2.2.1)
    factory_girl (4.4.0)
      activesupport (>= 3.0.0)
    factory_girl_rails (4.4.1)
      factory_girl (~> 4.4.0)
      railties (>= 3.0.0)
    faraday (0.9.0)
      multipart-post (>= 1.2, < 3)
    ffaker (1.25.0)
    ffi (1.9.5)
    fog (1.23.0)
      fog-brightbox
      fog-core (~> 1.23)
      fog-json
      fog-softlayer
      ipaddress (~> 0.5)
      nokogiri (~> 1.5, >= 1.5.11)
    fog-brightbox (0.5.1)
      fog-core (~> 1.22)
      fog-json
      inflecto
    fog-core (1.24.0)
      builder
      excon (~> 0.38)
      formatador (~> 0.2)
      mime-types
      net-scp (~> 1.1)
      net-ssh (>= 2.1.3)
    fog-json (1.0.0)
      multi_json (~> 1.0)
    fog-softlayer (0.3.20)
      fog-core
      fog-json
    font-awesome-rails (4.2.0.0)
      railties (>= 3.2, < 5.0)
    foreigner (1.6.1)
      activerecord (>= 3.0.0)
    foreman (0.47.0)
      thor (>= 0.13.6)
    formatador (0.2.5)
    friendly_id (5.0.4)
      activerecord (>= 4.0.0)
    geokit (1.9.0)
      multi_json (>= 1.3.2)
    geokit-rails (2.0.1)
      geokit (~> 1.5)
      rails (>= 3.0)
    gmaps-autocomplete-rails (0.1.4)
      rails (>= 3.1.0)
    gmaps4rails (1.4.8)
      json
    guard (2.6.1)
      formatador (>= 0.2.4)
      listen (~> 2.7)
      lumberjack (~> 1.0)
      pry (>= 0.9.12)
      thor (>= 0.18.1)
    guard-rspec (4.3.1)
      guard (~> 2.1)
      rspec (>= 2.14, < 4.0)
    haml (4.0.5)
      tilt
    hashie (3.3.1)
    highline (1.6.21)
    hike (1.2.3)
    hitimes (1.2.2)
    htmlentities (4.3.2)
    httparty (0.13.3)
      json (~> 1.8)
      multi_xml (>= 0.5.2)
    i18n (0.7.0.beta1)
    inflecto (0.0.2)
    ipaddress (0.8.0)
    jquery-rails (3.1.2)
      railties (>= 3.0, < 5.0)
      thor (>= 0.14, < 2.0)
    jquery-star-rating-rails (4.0.4)
      rails (>= 3.1.0)
    jquery-ui-rails (5.0.0)
      railties (>= 3.2.16)
    json (1.8.1)
    jwt (1.0.0)
    kaminari (0.16.1)
      actionpack (>= 3.0.0)
      activesupport (>= 3.0.0)
    kgio (2.9.2)
    libv8 (3.16.14.7)
    listen (2.7.11)
      celluloid (>= 0.15.2)
      rb-fsevent (>= 0.9.3)
      rb-inotify (>= 0.9)
    lumberjack (1.0.9)
    mail (2.6.1)
      mime-types (>= 1.16, < 3)
    maruku (0.7.2)
    method_source (0.8.2)
    mime-types (2.4.3)
    mini_magick (3.8.1)
      subexec (~> 0.2.1)
    mini_portile (0.6.0)
    minitest (5.4.2)
    monetize (1.0.0)
      money (~> 6.4.0)
    money (6.4.0)
      i18n (>= 0.6.4, <= 0.7.0.beta1)
    multi_json (1.10.1)
    multi_xml (0.5.5)
    multipart-post (2.0.0)
    mysql2 (0.3.16)
    nestful (1.0.7)
    net-scp (1.2.1)
      net-ssh (>= 2.6.5)
    net-sftp (2.1.2)
      net-ssh (>= 2.6.5)
    net-ssh (2.9.1)
    net-ssh-gateway (1.2.0)
      net-ssh (>= 2.6.5)
    netrc (0.7.7)
    newrelic_rpm (3.8.1.221)
    nokogiri (1.6.3.1)
      mini_portile (= 0.6.0)
    oauth2 (1.0.0)
      faraday (>= 0.8, < 0.10)
      jwt (~> 1.0)
      multi_json (~> 1.3)
      multi_xml (~> 0.5)
      rack (~> 1.2)
    offsite_payments (2.0.1)
      active_utils (~> 2.2.0)
      activesupport (>= 3.2.14, < 5.0.0)
      builder (>= 2.1.2, < 4.0.0)
      i18n (~> 0.5)
      json (~> 1.7)
      money (< 7.0.0)
      nokogiri (~> 1.4)
    omniauth (1.2.2)
      hashie (>= 1.2, < 4)
      rack (~> 1.0)
    omniauth-facebook (2.0.0)
      omniauth-oauth2 (~> 1.2)
    omniauth-oauth2 (1.2.0)
      faraday (>= 0.8, < 0.10)
      multi_json (~> 1.3)
      oauth2 (~> 1.0)
      omniauth (~> 1.2)
    orm_adapter (0.5.0)
    paperclip (4.2.0)
      activemodel (>= 3.0.0)
      activesupport (>= 3.0.0)
      cocaine (~> 0.5.3)
      mime-types
    paranoia (2.0.2)
      activerecord (~> 4.0)
    paypal-sdk-core (0.2.10)
      multi_json (~> 1.0)
      xml-simple
    paypal-sdk-merchant (1.106.1)
      paypal-sdk-core (~> 0.2.3)
    polyamorous (1.1.0)
      activerecord (>= 3.0)
    polyglot (0.3.5)
    premailer (1.8.2)
      css_parser (>= 1.3.5)
      htmlentities (>= 4.0.0)
    premailer-rails (1.8.0)
      actionmailer (>= 3, < 5)
      premailer (~> 1.7, >= 1.7.9)
    pry (0.10.1)
      coderay (~> 1.1.0)
      method_source (~> 0.8.1)
      slop (~> 3.4)
    rabl (0.9.4.pre1)
      activesupport (>= 2.3.14)
    rack (1.5.2)
    rack-affiliates (0.4.0)
      rack
    rack-mini-profiler (0.9.2)
      rack (>= 1.1.3)
    rack-test (0.6.2)
      rack (>= 1.0)
    rails (4.1.6)
      actionmailer (= 4.1.6)
      actionpack (= 4.1.6)
      actionview (= 4.1.6)
      activemodel (= 4.1.6)
      activerecord (= 4.1.6)
      activesupport (= 4.1.6)
      bundler (>= 1.3.0, < 2.0)
      railties (= 4.1.6)
      sprockets-rails (~> 2.0)
    railties (4.1.6)
      actionpack (= 4.1.6)
      activesupport (= 4.1.6)
      rake (>= 0.8.7)
      thor (>= 0.18.1, < 2.0)
    raindrops (0.13.0)
    rake (10.3.2)
    ransack (1.4.1)
      actionpack (>= 3.0)
      activerecord (>= 3.0)
      activesupport (>= 3.0)
      i18n
      polyamorous (~> 1.1)
    rb-fsevent (0.9.4)
    rb-inotify (0.9.5)
      ffi (>= 0.5.0)
    redcarpet (2.2.2)
    ref (1.0.5)
    rest-client (1.7.2)
      mime-types (>= 1.16, < 3.0)
      netrc (~> 0.7)
    rspec (2.99.0)
      rspec-core (~> 2.99.0)
      rspec-expectations (~> 2.99.0)
      rspec-mocks (~> 2.99.0)
    rspec-collection_matchers (1.0.0)
      rspec-expectations (>= 2.99.0.beta1)
    rspec-core (2.99.2)
    rspec-expectations (2.99.2)
      diff-lcs (>= 1.1.3, < 2.0)
    rspec-mocks (2.99.2)
    rspec-rails (2.99.0)
      actionpack (>= 3.0)
      activemodel (>= 3.0)
      activesupport (>= 3.0)
      railties (>= 3.0)
      rspec-collection_matchers
      rspec-core (~> 2.99.0)
      rspec-expectations (~> 2.99.0)
      rspec-mocks (~> 2.99.0)
    ruby-recaptcha (1.0.5)
    sass (3.2.19)
    sass-rails (4.0.3)
      railties (>= 4.0.0, < 5.0)
      sass (~> 3.2.0)
      sprockets (~> 2.8, <= 2.11.0)
      sprockets-rails (~> 2.0)
    select2-rails (3.5.9.1)
      thor (~> 0.14)
    shoulda-matchers (2.7.0)
      activesupport (>= 3.0.0)
    simple_form (3.0.2)
      actionpack (~> 4.0)
      activemodel (~> 4.0)
    slop (3.6.0)
    spork (1.0.0rc4)
    sprockets (2.11.0)
      hike (~> 1.2)
      multi_json (~> 1.0)
      rack (~> 1.0)
      tilt (~> 1.1, != 1.3.0)
    sprockets-rails (2.2.0)
      actionpack (>= 3.0)
      activesupport (>= 3.0)
      sprockets (>= 2.8, < 4.0)
    state_machine (1.2.0)
    stringex (1.5.1)
    stripe (1.16.0)
      json (~> 1.8.1)
      mime-types (>= 1.25, < 3.0)
      rest-client (~> 1.4)
    stripe_event (1.4.0)
      activesupport (>= 3.1)
      stripe (~> 1.6)
    subexec (0.2.3)
    sushi (0.0.4)
    therubyracer (0.12.1)
      libv8 (~> 3.16.14.0)
      ref
    thin (1.6.3)
      daemons (~> 1.0, >= 1.0.9)
      eventmachine (~> 1.0)
      rack (~> 1.0)
    thor (0.19.1)
    thread_safe (0.3.4)
    tilt (1.4.1)
    timers (4.0.1)
      hitimes
    truncate_html (0.9.2)
    twitter_cldr (3.1.0)
      camertron-eprun
      cldr-plurals-runtime-rb (~> 1.0.0)
      json
      tzinfo
    tzinfo (1.2.2)
      thread_safe (~> 0.1)
    uglifier (2.5.3)
      execjs (>= 0.3.0)
      json (>= 1.8.0)
    unicode_utils (1.4.0)
    unicorn (4.8.3)
      kgio (~> 2.6)
      rack
      raindrops (~> 0.7)
    unicorn-rails (2.2.0)
      rack
      unicorn
    versioncake (2.3.1)
      actionpack (>= 3.2)
      activesupport (>= 3.2)
      railties (>= 3.2)
      tzinfo
    warden (1.2.3)
      rack (>= 1.0)
    webrat (0.7.3)
      nokogiri (>= 1.2.0)
      rack (>= 1.0)
      rack-test (>= 0.5.3)
    xml-simple (1.1.4)
    xpath (2.0.0)
      nokogiri (~> 1.3)

PLATFORMS
  ruby

DEPENDENCIES
  autoprefixer-rails
  awesome_print
  bootstrap-sass (~> 2.0.4)
  byebug
  capistrano (= 2.12.0)
  capistrano-fanfare (= 0.0.21)
  capybara
  carmen
  carmen-rails
  carrierwave
  coffee-rails
  devise (~> 3.2)
  diffy
  exception_notification!
  execjs
  factory_girl_rails
  fog
  foreigner
  foreman (= 0.47.0)
  geokit
  geokit-rails
  gmaps-autocomplete-rails
  gmaps4rails (= 1.4.8)
  guard-rspec
  haml
  jquery-rails (~> 3)
  jquery-star-rating-rails
  jquery-ui-rails
  kaminari
  maruku
  mini_magick
  mysql2
  newrelic_rpm (~> 3.8.0)
  omniauth-facebook
  premailer-rails
  rack-affiliates
  rack-mini-profiler
  rails
  redcarpet
  rspec-rails (~> 2.6)
  ruby-recaptcha
  sass-rails (>= 3.2)
  shoulda-matchers
  simple_form (~> 3)
  spork (~> 1.0rc)
  spree!
  spree_gateway!
  spree_paypal_express!
  spree_related_products (>= 3.2)!
  spree_subscriptions!
  stripe
  stripe_event
  therubyracer
  thin (~> 1.5)
  uglifier
  unicorn
  unicorn-rails
  webrat (~> 0.7.3)
