GIT
  remote: git://github.com/DayhomeRegistry/exception_notification.git
  revision: f46e57f091df4b8e01f7ca0d1df8af15bc8fab61
  specs:
    exception_notification (3.0.1)
      actionmailer (>= 3.0.4)
      activesupport (>= 3.0.4)
      nestful

GIT
  remote: git://github.com/DayhomeRegistry/fog.git
  revision: 9e9b66304262fe6c53a5ecf552e9e3f7b2388376
  specs:
    fog (1.14.0)
      builder
      excon (~> 0.25.0)
      formatador (~> 0.2.0)
      mime-types
      multi_json (~> 1.0)
      net-scp (~> 1.1)
      net-ssh (>= 2.1.3)
      nokogiri (~> 1.5)
      ruby-hmac

GIT
  remote: https://github.com/bcardarella/client_side_validations.git
  revision: a6a515504520e9925ca63524ae9854168163283e
  specs:
    client_side_validations (3.2.1)

GEM
  remote: http://rubygems.org/
  specs:
    actionmailer (3.2.13)
      actionpack (= 3.2.13)
      mail (~> 2.5.3)
    actionmailer-instyle (0.5.3)
      actionmailer (~> 3.1)
      activesupport (~> 3.1)
      premailer (~> 1.7)
      sprockets (~> 2.0)
    actionpack (3.2.13)
      activemodel (= 3.2.13)
      activesupport (= 3.2.13)
      builder (~> 3.0.0)
      erubis (~> 2.7.0)
      journey (~> 1.0.4)
      rack (~> 1.4.5)
      rack-cache (~> 1.2)
      rack-test (~> 0.6.1)
      sprockets (~> 2.2.1)
    activemodel (3.2.13)
      activesupport (= 3.2.13)
      builder (~> 3.0.0)
    activerecord (3.2.13)
      activemodel (= 3.2.13)
      activesupport (= 3.2.13)
      arel (~> 3.0.2)
      tzinfo (~> 0.3.29)
    activeresource (3.2.13)
      activemodel (= 3.2.13)
      activesupport (= 3.2.13)
    activesupport (3.2.13)
      i18n (= 0.6.1)
      multi_json (~> 1.0)
    addressable (2.3.6)
    arel (3.0.3)
    authlogic (3.4.3)
      activerecord (>= 3.2)
      activesupport (>= 3.2)
      request_store (~> 1.0)
      scrypt (~> 1.2)
    awesome_print (1.2.0)
    bb-ruby (1.0.4)
    bootstrap-sass (2.0.4.2)
    builder (3.0.4)
    capistrano (2.12.0)
      highline
      net-scp (>= 1.0.0)
      net-sftp (>= 2.0.0)
      net-ssh (>= 2.0.14)
      net-ssh-gateway (>= 1.1.0)
    capistrano-fanfare (0.0.21)
      capistrano (~> 2.11)
      capistrano_colors (~> 0.5)
      multi_json (~> 1.0)
      sushi (~> 0.0.2)
    capistrano_colors (0.5.5)
    capybara (2.4.4)
      mime-types (>= 1.16)
      nokogiri (>= 1.3.3)
      rack (>= 1.0.0)
      rack-test (>= 0.5.4)
      xpath (~> 2.0)
    carmen (1.0.1)
      unicode_utils (~> 1.4.0)
    carmen-rails (1.0.1)
      carmen (~> 1.0.0)
      rails
    carrierwave (0.10.0)
      activemodel (>= 3.2.0)
      activesupport (>= 3.2.0)
      json (>= 1.7)
      mime-types (>= 1.16)
    celluloid (0.16.0)
      timers (~> 4.0.0)
    coderay (1.1.0)
    coffee-rails (3.2.2)
      coffee-script (>= 2.2.0)
      railties (~> 3.2.0)
    coffee-script (2.3.0)
      coffee-script-source
      execjs
    coffee-script-source (1.8.0)
    columnize (0.8.9)
    css_parser (1.3.5)
      addressable
    daemons (1.1.9)
    debugger (1.6.8)
      columnize (>= 0.3.1)
      debugger-linecache (~> 1.2.0)
      debugger-ruby_core_source (~> 1.3.5)
    debugger-linecache (1.2.0)
    debugger-ruby_core_source (1.3.7)
    diff-lcs (1.2.5)
    erubis (2.7.0)
    eventmachine (1.0.3)
    excon (0.25.3)
    execjs (2.2.2)
    factory_girl (4.5.0)
      activesupport (>= 3.0.0)
    factory_girl_rails (4.5.0)
      factory_girl (~> 4.5.0)
      railties (>= 3.0.0)
    faraday (0.9.0)
      multipart-post (>= 1.2, < 3)
    ffi (1.9.6)
    ffi-compiler (0.1.3)
      ffi (>= 1.0.0)
      rake
    foreigner (1.6.1)
      activerecord (>= 3.0.0)
    foreman (0.47.0)
      thor (>= 0.13.6)
    formatador (0.2.5)
    forum_monster (1.0.4)
    geokit (1.9.0)
      multi_json (>= 1.3.2)
    geokit-rails (2.0.1)
      geokit (~> 1.5)
      rails (>= 3.0)
    gmaps4rails (1.4.8)
      json
    guard (2.8.2)
      formatador (>= 0.2.4)
      listen (~> 2.7)
      lumberjack (~> 1.0)
      pry (>= 0.9.12)
      thor (>= 0.18.1)
    guard-rspec (4.3.1)
      guard (~> 2.1)
      rspec (>= 2.14, < 4.0)
    haml (4.0.5)
      tilt
    highline (1.6.21)
    hike (1.2.3)
    hitimes (1.2.2)
    htmlentities (4.3.2)
    i18n (0.6.1)
    journey (1.0.4)
    jquery-rails (3.1.2)
      railties (>= 3.0, < 5.0)
      thor (>= 0.14, < 2.0)
    jquery-star-rating-rails (4.0.4)
      rails (>= 3.1.0)
    jquery-ui-rails (4.1.2)
      railties (>= 3.1.0)
    json (1.8.1)
    kaminari (0.16.1)
      actionpack (>= 3.0.0)
      activesupport (>= 3.0.0)
    kgio (2.9.2)
    koala (1.10.1)
      addressable
      faraday
      multi_json
    libv8 (3.16.14.7)
    listen (2.8.0)
      celluloid (>= 0.15.2)
      rb-fsevent (>= 0.9.3)
      rb-inotify (>= 0.9)
    lumberjack (1.0.9)
    mail (2.5.4)
      mime-types (~> 1.16)
      treetop (~> 1.4.8)
    maruku (0.7.2)
    method_source (0.8.2)
    mime-types (1.25.1)
    mini_magick (4.0.0)
    mini_portile (0.6.1)
    multi_json (1.10.1)
    multipart-post (2.0.0)
    mysql2 (0.3.17)
    nestful (1.0.7)
    net-scp (1.2.1)
      net-ssh (>= 2.6.5)
    net-sftp (2.1.2)
      net-ssh (>= 2.6.5)
    net-ssh (2.9.1)
    net-ssh-gateway (1.2.0)
      net-ssh (>= 2.6.5)
    netrc (0.8.0)
    newrelic_rpm (3.8.1.221)
    nokogiri (1.6.4.1)
      mini_portile (~> 0.6.0)
    polyglot (0.3.5)
    premailer (1.8.2)
      css_parser (>= 1.3.5)
      htmlentities (>= 4.0.0)
    pry (0.10.1)
      coderay (~> 1.1.0)
      method_source (~> 0.8.1)
      slop (~> 3.4)
    rack (1.4.5)
    rack-affiliates (0.4.0)
      rack
    rack-cache (1.2)
      rack (>= 0.4)
    rack-mini-profiler (0.9.2)
      rack (>= 1.1.3)
    rack-ssl (1.3.4)
      rack
    rack-test (0.6.2)
      rack (>= 1.0)
    rails (3.2.13)
      actionmailer (= 3.2.13)
      actionpack (= 3.2.13)
      activerecord (= 3.2.13)
      activeresource (= 3.2.13)
      activesupport (= 3.2.13)
      bundler (~> 1.0)
      railties (= 3.2.13)
    railties (3.2.13)
      actionpack (= 3.2.13)
      activesupport (= 3.2.13)
      rack-ssl (~> 1.3.2)
      rake (>= 0.8.7)
      rdoc (~> 3.4)
      thor (>= 0.14.6, < 2.0)
    raindrops (0.13.0)
    rake (10.3.2)
    rb-fsevent (0.9.4)
    rb-inotify (0.9.5)
      ffi (>= 0.5.0)
    rdoc (3.12.2)
      json (~> 1.4)
    redcarpet (3.2.0)
    ref (1.0.5)
    request_store (1.1.0)
    rest-client (1.7.2)
      mime-types (>= 1.16, < 3.0)
      netrc (~> 0.7)
    rspec (2.99.0)
      rspec-core (~> 2.99.0)
      rspec-expectations (~> 2.99.0)
      rspec-mocks (~> 2.99.0)
    rspec-collection_matchers (1.1.2)
      rspec-expectations (>= 2.99.0.beta1)
    rspec-core (2.99.2)
    rspec-expectations (2.99.2)
      diff-lcs (>= 1.1.3, < 2.0)
    rspec-mocks (2.99.2)
    rspec-rails (2.99.0)
      actionpack (>= 3.0)
      activemodel (>= 3.0)
      activesupport (>= 3.0)
      railties (>= 3.0)
      rspec-collection_matchers
      rspec-core (~> 2.99.0)
      rspec-expectations (~> 2.99.0)
      rspec-mocks (~> 2.99.0)
    ruby-hmac (0.4.0)
    ruby-recaptcha (1.0.5)
    sass (3.4.8)
    sass-rails (3.2.6)
      railties (~> 3.2.0)
      sass (>= 3.1.10)
      tilt (~> 1.3)
    scrypt (1.2.1)
      ffi-compiler (>= 0.0.2)
      rake
    shoulda-matchers (2.7.0)
      activesupport (>= 3.0.0)
    simple_form (2.1.1)
      actionpack (~> 3.0)
      activemodel (~> 3.0)
    slop (3.6.0)
    spork (1.0.0rc4)
    sprockets (2.2.3)
      hike (~> 1.2)
      multi_json (~> 1.0)
      rack (~> 1.0)
      tilt (~> 1.1, != 1.3.0)
    stripe (1.16.0)
      json (~> 1.8.1)
      mime-types (>= 1.25, < 3.0)
      rest-client (~> 1.4)
    sushi (0.0.4)
    therubyracer (0.12.1)
      libv8 (~> 3.16.14.0)
      ref
    thin (1.6.3)
      daemons (~> 1.0, >= 1.0.9)
      eventmachine (~> 1.0)
      rack (~> 1.0)
    thor (0.19.1)
    tilt (1.4.1)
    timers (4.0.1)
      hitimes
    treetop (1.4.15)
      polyglot
      polyglot (>= 0.3.1)
    tzinfo (0.3.42)
    uglifier (2.5.3)
      execjs (>= 0.3.0)
      json (>= 1.8.0)
    unicode_utils (1.4.0)
    unicorn (4.8.3)
      kgio (~> 2.6)
      rack
      raindrops (~> 0.7)
    unicorn-rails (2.2.0)
      rack
      unicorn
    webrat (0.7.3)
      nokogiri (>= 1.2.0)
      rack (>= 1.0)
      rack-test (>= 0.5.3)
    xpath (2.0.0)
      nokogiri (~> 1.3)

PLATFORMS
  ruby

DEPENDENCIES
  actionmailer-instyle
  authlogic
  awesome_print
  bb-ruby
  bootstrap-sass (~> 2.0.2)
  capistrano (= 2.12.0)
  capistrano-fanfare (= 0.0.21)
  capybara
  carmen
  carmen-rails (~> 1.0.0)
  carrierwave
  client_side_validations (~> 3.2)!
  coffee-rails (~> 3.2.1)
  debugger
  exception_notification!
  execjs
  factory_girl_rails
  fog!
  foreigner
  foreman (= 0.47.0)
  forum_monster
  geokit
  geokit-rails
  gmaps4rails (= 1.4.8)
  guard-rspec
  haml
  jquery-rails
  jquery-star-rating-rails
  jquery-ui-rails
  kaminari
  koala
  maruku
  mini_magick
  mysql2
  newrelic_rpm (~> 3.8.0)
  rack-affiliates
  rack-mini-profiler
  rails (= 3.2.13)
  redcarpet
  rspec-rails (~> 2.6)
  ruby-recaptcha
  sass-rails (~> 3.1)
  shoulda-matchers
  simple_form
  spork (~> 1.0rc)
  stripe
  therubyracer
  thin (~> 1.5)
  uglifier (>= 1.0.3)
  unicorn
  unicorn-rails
  webrat (~> 0.7.3)
